GEM
  remote: http://rubygems.org/
  specs:
    columnize (0.3.2)
    json (1.5.3)
    linecache (0.43)
    rack (1.2.2)
    ruby-debug (0.10.4)
      columnize (>= 0.1)
      ruby-debug-base (~> 0.10.4.0)
    ruby-debug-base (0.10.4)
      linecache (>= 0.3)
    shotgun (0.9)
      rack (>= 1.0)
    sinatra (1.2.3)
      rack (~> 1.1)
      tilt (>= 1.2.2, < 2.0)
    tilt (1.2.2)

PLATFORMS
  ruby

DEPENDENCIES
  json (= 1.5.3)
  ruby-debug (= 0.10.4)
  shotgun (= 0.9)
  sinatra (= 1.2.3)
